GEM
  remote: https://rubygems.org/
  specs:
    coderay (1.1.3)
    method_source (1.0.0)
    nio4r (2.5.8)
    pry (0.13.0)
      coderay (~> 1.1)
      method_source (~> 1.0)
    puma (5.5.2)
      nio4r (~> 2.0)

PLATFORMS
  x86_64-linux

DEPENDENCIES
  pry (~> 0.13.0)
  puma (~> 5.5.0)

BUNDLED WITH
   2.3.5
